GEM
  remote: https://rubygems.org/
  specs:
    erubis (2.7.0)
    nokogiri (1.13.1-arm64-darwin)
      racc (~> 1.4)
    power_assert (2.0.1)
    psych (4.0.3)
      stringio
    racc (1.6.0)
    rake (13.0.6)
    rdoc (6.4.0)
      psych (>= 4.0.0)
    stringio (3.0.1)
    test-unit (3.5.3)
      power_assert

PLATFORMS
  arm64-darwin-20

DEPENDENCIES
  erubis
  nokogiri
  rake
  rdoc
  test-unit (~> 3.0)

BUNDLED WITH
   2.2.16
